GIT
  remote: git@github.com:rightscale/right_http_connection.git
  revision: 0bc3343232133bdb38c237d8285525d74495d3f5
  specs:
    right_http_connection (1.2.5)

GEM
  remote: http://rubygems.org/
  specs:
    libxml-ruby (2.5.0)
    multi_json (1.5.0)
    rake (0.8.7)
    simplecov (0.7.1)
      multi_json (~> 1.0)
      simplecov-html (~> 0.7.1)
    simplecov-html (0.7.1)
    uuidtools (1.0.7)

PLATFORMS
  ruby

DEPENDENCIES
  libxml-ruby (~> 2.5.0)
  rake
  right_http_connection (= 1.2.5)!
  simplecov
  uuidtools (~> 1.0.7)
